GEM
  remote: https://rubygems.org/
  specs:
    builder (3.2.2)
    capybara (1.0.0)
      mime-types (>= 1.16)
      nokogiri (>= 1.3.3)
      rack (>= 1.0.0)
      rack-test (>= 0.5.4)
      selenium-webdriver (~> 0.2.0)
      xpath (~> 0.1.4)
    childprocess (0.5.9)
      ffi (~> 1.0, >= 1.0.11)
    cucumber (1.3.10)
      builder (>= 2.1.2)
      diff-lcs (>= 1.1.3)
      gherkin (~> 2.12)
      multi_json (>= 1.7.5, < 2.0)
      multi_test (>= 0.0.2)
    daemons (1.2.4)
    diff-lcs (1.2.5)
    eventmachine (1.0.3)
    ffi (1.16.3)
    gherkin (2.12.2)
      multi_json (~> 1.3)
    haml (5.0.0)
      temple (>= 0.8.0)
      tilt
    httparty (0.21.0)
      mini_mime (>= 1.0.0)
      multi_xml (>= 0.5.2)
    json (2.3.0)
    json_pure (1.8.3)
    macaddr (1.7.1)
      systemu (~> 2.6.2)
    mime-types (2.6.2)
    mini_mime (1.1.5)
    mini_portile2 (2.8.6)
    multi_json (1.15.0)
    multi_test (0.1.2)
    multi_xml (0.6.0)
    mustermann (2.0.2)
      ruby2_keywords (~> 0.0.1)
    nokogiri (1.16.5)
      mini_portile2 (~> 2.8.2)
      racc (~> 1.4)
    racc (1.7.3)
    rack (2.2.9)
    rack-protection (2.2.3)
      rack
    rack-test (0.6.2)
      rack (>= 1.0)
    rspec (2.14.1)
      rspec-core (~> 2.14.0)
      rspec-expectations (~> 2.14.0)
      rspec-mocks (~> 2.14.0)
    rspec-core (2.14.8)
    rspec-expectations (2.14.5)
      diff-lcs (>= 1.1.3, < 2.0)
    rspec-mocks (2.14.6)
    ruby2_keywords (0.0.5)
    rubyzip (2.3.2)
    selenium-webdriver (0.2.2)
      childprocess (>= 0.1.9)
      ffi (>= 1.0.7)
      json_pure
      rubyzip
    sinatra (2.2.3)
      mustermann (~> 2.0)
      rack (~> 2.2)
      rack-protection (= 2.2.3)
      tilt (~> 2.0)
    systemu (2.6.5)
    temple (0.10.3)
    thin (1.5.1)
      daemons (>= 1.0.9)
      eventmachine (>= 0.12.6)
      rack (>= 1.0.0)
    tilt (2.3.0)
    uuid (2.3.7)
      macaddr (~> 1.0)
    xpath (0.1.4)
      nokogiri (~> 1.3)

PLATFORMS
  ruby

DEPENDENCIES
  capybara (= 1.0.0)
  cucumber (= 1.3.10)
  eventmachine (= 1.0.3)
  haml (= 5.0.0)
  httparty (= 0.21.0)
  json (= 2.3.0)
  json_pure (= 1.8.3)
  mime-types (= 2.6.2)
  rack-test (= 0.6.2)
  rspec (= 2.14.1)
  sinatra (= 2.2.3)
  thin (= 1.5.1)
  uuid (= 2.3.7)

BUNDLED WITH
   1.12.5
